GIT
  remote: git://github.com/cucumber/cucumber-rails.git
  revision: 9f63ec33da7e3ac633f1d0f0eb5df5bf45aa1149
  branch: master_rails4_test
  specs:
    cucumber-rails (1.3.1)
      capybara (>= 1.1.2)
      cucumber (>= 1.2.0)
      nokogiri (>= 1.5.0)
      rails (>= 3.0.0)

GIT
  remote: git://github.com/diowa/twitter-bootstrap-rails.git
  revision: eca6f7e7b45825cf5cddf9ba21ab7d08fbb67896
  branch: bootstrap-3.0.0
  specs:
    twitter-bootstrap-rails (2.2.6)
      actionpack (>= 3.1)
      execjs
      rails (>= 3.1)
      railties (>= 3.1)

GIT
  remote: git://github.com/emberjs/ember-rails.git
  revision: 99770d261e6d6eadd2cba25b2a07b3bafb2f1d01
  specs:
    ember-rails (0.13.0)
      active_model_serializers
      barber (>= 0.4.1)
      ember-data-source
      ember-source
      execjs (>= 1.2)
      handlebars-source
      railties (>= 3.1)

GIT
  remote: git://github.com/rails/coffee-rails.git
  revision: c812f4da1f5adc226ef834b57c2498467761cb2c
  specs:
    coffee-rails (4.0.0)
      coffee-script (>= 2.2.0)
      railties (>= 4.0.0, < 5.0)

GIT
  remote: git://github.com/rails/rails.git
  revision: 742d1f2eda24dd411e018835680645d3921883f5
  specs:
    actionmailer (4.1.0.beta)
      actionpack (= 4.1.0.beta)
      mail (~> 2.5.4)
    actionpack (4.1.0.beta)
      actionview (= 4.1.0.beta)
      activesupport (= 4.1.0.beta)
      rack (~> 1.5.2)
      rack-test (~> 0.6.2)
    actionview (4.1.0.beta)
      activemodel (= 4.1.0.beta)
      activesupport (= 4.1.0.beta)
      builder (~> 3.1.0)
      erubis (~> 2.7.0)
    activemodel (4.1.0.beta)
      activesupport (= 4.1.0.beta)
      builder (~> 3.1.0)
    activerecord (4.1.0.beta)
      activemodel (= 4.1.0.beta)
      activesupport (= 4.1.0.beta)
      arel (~> 4.0.0)
    activesupport (4.1.0.beta)
      i18n (~> 0.6, >= 0.6.4)
      json (~> 1.7)
      minitest (~> 5.0)
      thread_safe (~> 0.1)
      tzinfo (~> 0.3.37)
    rails (4.1.0.beta)
      actionmailer (= 4.1.0.beta)
      actionpack (= 4.1.0.beta)
      actionview (= 4.1.0.beta)
      activerecord (= 4.1.0.beta)
      activesupport (= 4.1.0.beta)
      bundler (>= 1.3.0, < 2.0)
      railties (= 4.1.0.beta)
      sprockets-rails (~> 2.0.0)
    railties (4.1.0.beta)
      actionpack (= 4.1.0.beta)
      activesupport (= 4.1.0.beta)
      rake (>= 0.8.7)
      thor (>= 0.18.1, < 2.0)

GIT
  remote: git://github.com/rails/sass-rails.git
  revision: 31f756f208ee71af935454ab4dfb34786d15e891
  specs:
    sass-rails (4.0.0)
      railties (>= 4.0.0, < 5.0)
      sass (>= 3.1.10)
      sprockets-rails (~> 2.0.0)

GIT
  remote: git://github.com/rails/sprockets-rails.git
  revision: ec03b0ab6f84f385568b3ae4df77abeef21b06dd
  specs:
    sprockets-rails (2.0.0)
      actionpack (>= 3.0)
      activesupport (>= 3.0)
      sprockets (~> 2.8)

GIT
  remote: git://github.com/rspec/rspec-core.git
  revision: a04fb1740602e3d64cbe7a4bd1ed0a760ab620d1
  specs:
    rspec-core (3.0.0.pre)

GIT
  remote: git://github.com/rspec/rspec-rails.git
  revision: 1ae04fb2ce116a82c8229486406e071c7d771690
  specs:
    rspec-rails (3.0.0.pre)
      actionpack (>= 3.0)
      activesupport (>= 3.0)
      railties (>= 3.0)
      rspec-core (= 3.0.0.pre)
      rspec-expectations (= 3.0.0.pre)
      rspec-mocks (= 3.0.0.pre)

GIT
  remote: git@github.com:rspec/rspec-expectations.git
  revision: a17d97c129d5cb0237bf21d242d9de5141b7e27a
  specs:
    rspec-expectations (3.0.0.pre)
      diff-lcs (>= 1.1.3, < 2.0)

GIT
  remote: git@github.com:rspec/rspec-mocks.git
  revision: 92026151ed9af3741afff708dde467ff468af01b
  specs:
    rspec-mocks (3.0.0.pre)

GEM
  remote: https://rubygems.org/
  specs:
    active_model_serializers (0.8.1)
      activemodel (>= 3.0)
    addressable (2.3.5)
    arel (4.0.0)
    atomic (1.1.10)
    barber (0.4.2)
      ember-source
      execjs
      handlebars-source
    barber-emblem (0.1.1)
      barber (>= 0.4.1)
      emblem-source
    builder (3.1.4)
    capybara (2.1.0)
      mime-types (>= 1.16)
      nokogiri (>= 1.3.3)
      rack (>= 1.0.0)
      rack-test (>= 0.5.4)
      xpath (~> 2.0)
    coffee-script (2.2.0)
      coffee-script-source
      execjs
    coffee-script-source (1.6.3)
    commonjs (0.2.6)
    cucumber (1.3.5)
      builder (>= 2.1.2)
      diff-lcs (>= 1.1.3)
      gherkin (~> 2.12.0)
      multi_json (~> 1.7.5)
      multi_test (>= 0.0.2)
    database_cleaner (1.0.1)
    diff-lcs (1.2.4)
    ember-data-source (0.13)
      ember-source
    ember-source (1.0.0.rc6.4)
      handlebars-source (= 1.0.12)
    emblem-rails (0.1.1)
      barber-emblem (~> 0.1.1)
      ember-rails (>= 0.11.1)
    emblem-source (0.3.1)
    erubis (2.7.0)
    eventmachine (1.0.3)
    execjs (1.4.0)
      multi_json (~> 1.0)
    faye-websocket (0.4.7)
      eventmachine (>= 0.12.0)
    forgery (0.5.0)
    gherkin (2.12.0)
      multi_json (~> 1.3)
    handlebars-source (1.0.12)
    hike (1.2.3)
    http_parser.rb (0.5.3)
    i18n (0.6.4)
    jbuilder (1.5.0)
      activesupport (>= 3.0.0)
      multi_json (>= 1.2.0)
    jquery-rails (3.0.4)
      railties (>= 3.0, < 5.0)
      thor (>= 0.14, < 2.0)
    json (1.8.0)
    launchy (2.3.0)
      addressable (~> 2.3)
    less (2.3.2)
      commonjs (~> 0.2.6)
    less-rails (2.3.3)
      actionpack (>= 3.1)
      less (~> 2.3.1)
    libv8 (3.11.8.17)
    mail (2.5.4)
      mime-types (~> 1.16)
      treetop (~> 1.4.8)
    mime-types (1.23)
    mini_portile (0.5.1)
    minitest (5.0.6)
    multi_json (1.7.7)
    multi_test (0.0.2)
    nokogiri (1.6.0)
      mini_portile (~> 0.5.0)
    poltergeist (1.3.0)
      capybara (~> 2.1.0)
      faye-websocket (>= 0.4.4, < 0.5.0)
      http_parser.rb (~> 0.5.3)
    polyglot (0.3.3)
    puma (2.4.0)
      rack (>= 1.1, < 2.0)
    qunit-rails (0.0.3)
      railties (>= 3.2.3)
    rack (1.5.2)
    rack-test (0.6.2)
      rack (>= 1.0)
    rake (10.1.0)
    rdoc (3.12.2)
      json (~> 1.4)
    ref (1.0.5)
    sass (3.2.10)
    sdoc (0.3.20)
      json (>= 1.1.3)
      rdoc (~> 3.10)
    slim (2.0.0)
      temple (~> 0.6.5)
      tilt (~> 1.3, >= 1.3.3)
    slim-rails (2.0.1)
      actionpack (>= 3.0, < 4.1)
      activesupport (>= 3.0, < 4.1)
      railties (>= 3.0, < 4.1)
      slim (~> 2.0)
    sprockets (2.10.0)
      hike (~> 1.2)
      multi_json (~> 1.0)
      rack (~> 1.0)
      tilt (~> 1.1, != 1.3.0)
    sqlite3 (1.3.7)
    temple (0.6.5)
    therubyracer (0.11.4)
      libv8 (~> 3.11.8.12)
      ref
    thor (0.18.1)
    thread_safe (0.1.2)
      atomic
    tilt (1.4.1)
    treetop (1.4.14)
      polyglot
      polyglot (>= 0.3.1)
    tzinfo (0.3.37)
    uglifier (2.1.2)
      execjs (>= 0.3.0)
      multi_json (~> 1.0, >= 1.0.2)
    xpath (2.0.0)
      nokogiri (~> 1.3)

PLATFORMS
  ruby

DEPENDENCIES
  capybara
  coffee-rails!
  cucumber-rails!
  database_cleaner (~> 1.0.0)
  ember-rails!
  ember-source (~> 1.0.0.rc.6.1)
  emblem-rails
  forgery
  handlebars-source (>= 1.0.0.rc4)
  jbuilder (~> 1.2)
  jquery-rails
  launchy
  less-rails
  poltergeist
  puma
  qunit-rails
  rails!
  rspec-core!
  rspec-expectations!
  rspec-mocks!
  rspec-rails!
  sass-rails!
  sdoc
  slim-rails
  sprockets-rails!
  sqlite3
  therubyracer
  twitter-bootstrap-rails!
  uglifier (>= 1.3.0)
